GEM
  remote: https://rubygems.org/
  specs:
    diff-lcs (1.2.5)
    facter (1.7.1)
    hiera (1.2.1)
      json_pure
    json_pure (1.8.0)
    metaclass (0.0.4)
    mocha (1.1.0)
      metaclass (~> 0.0.1)
    puppet (3.2.1)
      facter (~> 1.6)
      hiera (~> 1.0)
      rgen (~> 0.6)
    puppet-lint (0.3.2)
    puppet-syntax (1.3.0)
      rake
    puppetlabs_spec_helper (0.8.2)
      mocha
      puppet-lint
      puppet-syntax
      rake
      rspec
      rspec-puppet
    rake (10.4.1)
    rgen (0.6.2)
    rspec (2.14.1)
      rspec-core (~> 2.14.0)
      rspec-expectations (~> 2.14.0)
      rspec-mocks (~> 2.14.0)
    rspec-core (2.14.7)
    rspec-expectations (2.14.4)
      diff-lcs (>= 1.1.3, < 2.0)
    rspec-mocks (2.14.4)
    rspec-puppet (1.0.1)
      rspec

PLATFORMS
  ruby

DEPENDENCIES
  puppet (>= 3.2)
  puppet-lint
  puppetlabs_spec_helper
  rspec-puppet
